GEM
  remote: https://rubygems.org/
  specs:
    date (3.2.2)
    json (2.6.2)
    nokogiri (1.13.6-x64-mingw-ucrt)
      racc (~> 1.4)
    open-uri (0.2.0)
      stringio
      time
      uri
    racc (1.6.0)
    stringio (3.0.2)
    time (0.2.0)
      date
    uri (0.11.0)

PLATFORMS
  x64-mingw-ucrt

DEPENDENCIES
  json
  nokogiri
  open-uri

BUNDLED WITH
   2.3.7
